GEM
  remote: https://rubygems.org/
  specs:
    aws-eventstream (1.3.0)
    aws-partitions (1.956.0)
    aws-sdk-core (3.201.1)
      aws-eventstream (~> 1, >= 1.3.0)
      aws-partitions (~> 1, >= 1.651.0)
      aws-sigv4 (~> 1.8)
      jmespath (~> 1, >= 1.6.1)
    aws-sdk-sqs (1.80.0)
      aws-sdk-core (~> 3, >= 3.201.0)
      aws-sigv4 (~> 1.5)
    aws-sigv4 (1.8.0)
      aws-eventstream (~> 1, >= 1.0.2)
    coderay (1.1.3)
    jmespath (1.6.2)
    method_source (1.1.0)
    ox (2.14.18)
    pry (0.14.2)
      coderay (~> 1.1)
      method_source (~> 1.0)

PLATFORMS
  arm64-darwin-23
  ruby

DEPENDENCIES
  aws-sdk-sqs
  ox
  pry

BUNDLED WITH
   2.5.9
