GEM
  remote: https://rubygems.org/
  specs:
    bson (5.0.1)
    coderay (1.1.3)
    method_source (1.1.0)
    mongo (2.20.1)
      bson (>= 4.14.1, < 6.0.0)
    ox (2.14.14)
    pry (0.14.2)
      coderay (~> 1.1)
      method_source (~> 1.0)

PLATFORMS
  ruby

DEPENDENCIES
  mongo
  ox
  pry

BUNDLED WITH
   1.17.2
