GEM
  remote: https://rubygems.org/
  specs:
    zlib (3.1.0)

PLATFORMS
  arm64-darwin-23
  ruby

DEPENDENCIES
  zlib

BUNDLED WITH
   2.5.9
